GEM
  remote: https://rubygems.org/
  specs:
    docker-api (1.34.2)
      excon (>= 0.47.0)
      multi_json
    excon (0.67.0)
    mini_portile2 (2.4.0)
    multi_json (1.13.1)
    nokogiri (1.10.4)
      mini_portile2 (~> 2.4.0)
    rubyzip (2.0.0)

PLATFORMS
  ruby

DEPENDENCIES
  docker-api
  nokogiri
  rubyzip

BUNDLED WITH
   1.17.3
